GEM
  remote: https://rubygems.org/
  specs:
    ast (2.0.0)
    astrolabe (1.3.0)
      parser (>= 2.2.0.pre.3, < 3.0)
    builder (3.2.2)
    childprocess (3.0.0)
    chunky_png (1.3.4)
    concurrent-ruby (1.1.5)
    cucumber (1.3.19)
      builder (>= 2.1.2)
      diff-lcs (>= 1.1.3)
      gherkin (~> 2.12)
      multi_json (>= 1.7.5, < 2.0)
      multi_test (>= 0.1.2)
    data_magic (1.2)
      faker (>= 1.1.2)
      yml_reader (>= 0.6)
    diff-lcs (1.2.5)
    dimensions (1.2.0)
    domain_name (0.5.23)
      unf (>= 0.0.5, < 1.0.0)
    faker (2.10.1)
      i18n (>= 1.6, < 2)
    faraday (0.9.1)
      multipart-post (>= 1.2, < 3)
    faraday-cookie_jar (0.0.6)
      faraday (>= 0.7.4)
      http-cookie (~> 1.0.0)
    gherkin (2.12.2)
      multi_json (~> 1.3)
    headless (1.0.2)
    http-cookie (1.0.2)
      domain_name (~> 0.5)
    i18n (1.8.2)
      concurrent-ruby (~> 1.0)
    jsduck (5.3.4)
      dimensions (~> 1.2.0)
      json (~> 1.8.0)
      parallel (~> 0.7.1)
      rdiscount (~> 2.1.6)
      rkelly-remix (~> 0.0.4)
    json (1.8.2)
    mediawiki_api (0.3.1)
      faraday (~> 0.9, >= 0.9.0)
      faraday-cookie_jar (~> 0.0, >= 0.0.6)
    mediawiki_selenium (0.4.2)
      cucumber (~> 1.3, >= 1.3.10)
      headless (~> 1.0, >= 1.0.1)
      json (~> 1.8, >= 1.8.1)
      mediawiki_api (~> 0.2, >= 0.2.1)
      page-object (~> 1.0)
      rest-client (~> 1.6, >= 1.6.7)
      rspec-expectations (~> 2.14, >= 2.14.4)
      syntax (~> 1.2, >= 1.2.0)
      thor (~> 0.19, >= 0.19.1)
    mime-types (2.4.3)
    multi_json (1.14.1)
    multi_test (0.1.2)
    multipart-post (2.0.0)
    net-http-persistent (2.9.4)
    netrc (0.10.3)
    page-object (1.2.2)
      net-http-persistent (~> 2.9.4)
      page_navigation (>= 0.9)
      selenium-webdriver (>= 2.53.0)
      watir-webdriver (>= 0.6.11, < 0.9.9)
    page_navigation (0.10)
      data_magic (>= 0.22)
    parallel (0.7.1)
    parser (2.2.0.3)
      ast (>= 1.1, < 3.0)
    powerpack (0.1.0)
    rainbow (2.0.0)
    rdiscount (2.1.8)
    rest-client (1.7.3)
      mime-types (>= 1.16, < 3.0)
      netrc (~> 0.7)
    rkelly-remix (0.0.7)
    rspec-expectations (2.99.2)
      diff-lcs (>= 1.1.3, < 2.0)
    rubocop (0.29.1)
      astrolabe (~> 1.3)
      parser (>= 2.2.0.1, < 3.0)
      powerpack (~> 0.1)
      rainbow (>= 1.99.1, < 3.0)
      ruby-progressbar (~> 1.4)
    ruby-progressbar (1.7.1)
    rubyzip (2.1.0)
    selenium-webdriver (3.142.7)
      childprocess (>= 0.5, < 4.0)
      rubyzip (>= 1.2.2)
    syntax (1.2.0)
    thor (0.19.1)
    unf (0.1.4)
      unf_ext
    unf_ext (0.0.6)
    watir-webdriver (0.9.3)
      selenium-webdriver (>= 2.46.2)
    yml_reader (0.7)

PLATFORMS
  ruby

DEPENDENCIES
  chunky_png
  jsduck
  mediawiki_selenium
  rubocop
